GEM
  remote: https://rubygems.org/
  specs:
    chunky_png (1.3.8)
    facter (2.5.1)
    faker (1.6.6)
      i18n (~> 0.5)
    faraday (0.13.1)
      multipart-post (>= 1.2, < 3)
    faraday_middleware (0.12.2)
      faraday (>= 0.7.4, < 1.0)
    fast_gettext (1.1.2)
    forgery (0.6.0)
    gettext (3.2.9)
      locale (>= 2.0.5)
      text (>= 1.3.0)
    gettext-setup (0.30)
      fast_gettext (~> 1.1.0)
      gettext (>= 3.0.2)
      locale
    hiera (3.4.3)
    i18n (0.7.0)
    json (1.8.3)
    librarian-puppet (3.0.0)
      librarianp (>= 0.6.3)
      puppet_forge (~> 2.1)
      rsync
    librarianp (0.6.4)
      thor (~> 0.15)
    locale (2.1.2)
    mini_exiftool (2.8.0)
    mini_exiftool_vendored (9.2.7.v1)
      mini_exiftool (>= 1.6.0)
    mini_portile2 (2.3.0)
    minitar (0.6.1)
    minitest (5.9.0)
    multi_json (1.13.1)
    multipart-post (2.0.0)
    nokogiri (1.8.3)
      mini_portile2 (~> 2.3.0)
    puppet (5.5.1)
      facter (> 2.0.1, < 4)
      fast_gettext (~> 1.1.2)
      hiera (>= 3.2.1, < 4)
      locale (~> 2.1)
      multi_json (~> 1.10)
    puppet_forge (2.2.9)
      faraday (>= 0.9.0, < 0.14.0)
      faraday_middleware (>= 0.9.0, < 0.13.0)
      gettext-setup (~> 0.11)
      minitar
      semantic_puppet (~> 1.0)
    rake (11.1.2)
    rdoc (4.2.2)
      json (~> 1.4)
    redcarpet (3.4.0)
    rmagick (2.16.0)
    rqrcode (0.10.1)
      chunky_png (~> 1.0)
    rsync (1.0.9)
    semantic_puppet (1.0.2)
    spidr (0.6.0)
      nokogiri (~> 1.3)
    sshkey (1.9.0)
    text (1.3.1)
    thor (0.20.0)
    wordlist (0.1.1)
      spidr (~> 0.2)
    yard (0.9.14)
    zipruby (0.3.6)

PLATFORMS
  ruby

DEPENDENCIES
  faker
  forgery
  librarian-puppet (>= 2.2.3)
  mini_exiftool_vendored
  minitest
  nokogiri (>= 1.8.2)
  puppet (>= 5.3.4)
  rake
  rdoc
  redcarpet
  rmagick
  rqrcode
  sshkey
  wordlist (>= 0.1.1)
  yard (>= 0.9.11)
  zipruby

BUNDLED WITH
   1.16.1
